GEM
  remote: http://rubygems.org/
  specs:
    metaclass (0.0.1)
    mocha (0.10.0)
      metaclass (~> 0.0.1)
    rspec (1.3.2)

PLATFORMS
  ruby

DEPENDENCIES
  mocha
  rspec (~> 1.3.0)
